GIT
  remote: git://github.com/dedico/ace-rails-ap.git
  revision: 7c42a42161d126b5271bfde813129219e997a879
  specs:
    ace-rails-ap (2.0.0)

GIT
  remote: git://github.com/demiazz/jquery-fileupload-rails.git
  revision: 9524ff75e42551ea84cf4aec6210640dddfc000d
  specs:
    jquery-fileupload-rails (0.4.1)
      actionpack (>= 3.1)
      railties (>= 3.1)

GEM
  remote: https://rubygems.org/
  specs:
    actionmailer (4.0.3)
      actionpack (= 4.0.3)
      mail (~> 2.5.4)
    actionpack (4.0.3)
      activesupport (= 4.0.3)
      builder (~> 3.1.0)
      erubis (~> 2.7.0)
      rack (~> 1.5.2)
      rack-test (~> 0.6.2)
    activemodel (4.0.3)
      activesupport (= 4.0.3)
      builder (~> 3.1.0)
    activerecord (4.0.3)
      activemodel (= 4.0.3)
      activerecord-deprecated_finders (~> 1.0.2)
      activesupport (= 4.0.3)
      arel (~> 4.0.0)
    activerecord-deprecated_finders (1.0.3)
    activesupport (4.0.3)
      i18n (~> 0.6, >= 0.6.4)
      minitest (~> 4.2)
      multi_json (~> 1.3)
      thread_safe (~> 0.1)
      tzinfo (~> 0.3.37)
    acts-as-taggable-on (3.5.0)
      activerecord (>= 3.2, < 5)
    addressable (2.3.5)
    arel (4.0.2)
    ast (1.1.0)
    atomic (1.1.14)
    backbone-on-rails (1.1.0.0)
      eco
      ejs
      jquery-rails
      rails (>= 3.1)
    builder (3.1.4)
    capybara (2.2.1)
      mime-types (>= 1.16)
      nokogiri (>= 1.3.3)
      rack (>= 1.0.0)
      rack-test (>= 0.5.4)
      xpath (~> 2.0)
    celluloid (0.16.0)
      timers (~> 4.0.0)
    childprocess (0.4.0)
      ffi (~> 1.0, >= 1.0.11)
    cliver (0.3.2)
    coderay (1.1.0)
    coffee-rails (4.0.1)
      coffee-script (>= 2.2.0)
      railties (>= 4.0.0, < 5.0)
    coffee-script (2.2.0)
      coffee-script-source
      execjs
    coffee-script-source (1.6.3)
    commands (0.2.1)
      rails (>= 3.2.0)
    coveralls (0.7.8)
      multi_json (~> 1.10)
      rest-client (~> 1.7)
      simplecov (~> 0.9.1)
      term-ansicolor (~> 1.3)
      thor (~> 0.19.1)
    database_rewinder (0.0.2)
    diff-lcs (1.2.5)
    docile (1.1.5)
    dxruby (1.4.0)
    dxruby_sdl (0.0.14)
      rsdl
      rubysdl (~> 2.1.3)
    eco (1.0.0)
      coffee-script
      eco-source
      execjs
    eco-source (1.1.0.rc.1)
    ejs (1.1.1)
    em-websocket (0.5.1)
      eventmachine (>= 0.12.9)
      http_parser.rb (~> 0.6.0)
    erubis (2.7.0)
    eventmachine (1.0.4)
    execjs (2.0.2)
    ffi (1.9.8)
    ffi (1.9.8-x86-mingw32)
    flatstrap-sass (2.3.1.0)
      font-awesome-rails (~> 3.0.2.0)
      sass (~> 3.2)
    font-awesome-rails (3.0.2.0)
      railties (>= 3.1)
    formatador (0.2.5)
    gherkin (2.12.2)
      multi_json (~> 1.3)
    gherkin (2.12.2-x86-mingw32)
      multi_json (~> 1.3)
    guard (2.12.5)
      formatador (>= 0.2.4)
      listen (~> 2.7)
      lumberjack (~> 1.0)
      nenv (~> 0.1)
      notiffany (~> 0.0)
      pry (>= 0.9.12)
      shellany (~> 0.0)
      thor (>= 0.18.1)
    guard-livereload (2.4.0)
      em-websocket (~> 0.5)
      guard (~> 2.8)
      multi_json (~> 1.8)
    guard-rspec (4.2.8)
      guard (~> 2.1)
      rspec (>= 2.14, < 4.0)
    guard-rubocop (1.0.2)
      guard (~> 2.0)
      rubocop (~> 0.10)
    haml (4.0.5)
      tilt
    haml-rails (0.5.3)
      actionpack (>= 4.0.1)
      activesupport (>= 4.0.1)
      haml (>= 3.1, < 5.0)
      railties (>= 4.0.1)
    hike (1.2.3)
    hitimes (1.2.2)
    http_parser.rb (0.6.0)
    i18n (0.6.9)
    jbuilder (2.0.2)
      activesupport (>= 3.0.0)
      multi_json (>= 1.2.0)
    jquery-rails (3.0.4)
      railties (>= 3.0, < 5.0)
      thor (>= 0.14, < 2.0)
    jquery-ui-rails (4.1.1)
      railties (>= 3.1.0)
    json (1.8.1)
    json_spec (1.1.1)
      multi_json (~> 1.0)
      rspec (~> 2.0)
    kgio (2.8.1)
    launchy (2.4.2)
      addressable (~> 2.3)
    listen (2.10.0)
      celluloid (~> 0.16.0)
      rb-fsevent (>= 0.9.3)
      rb-inotify (>= 0.9)
    lumberjack (1.0.9)
    mail (2.5.4)
      mime-types (~> 1.16)
      treetop (~> 1.4.8)
    method_source (0.8.2)
    mime-types (1.25.1)
    mini_portile (0.5.2)
    minitest (4.7.5)
    multi_json (1.10.1)
    mysql2 (0.3.14)
    nenv (0.2.0)
    netrc (0.10.2)
    nokogiri (1.6.1)
      mini_portile (~> 0.5.0)
    nokogiri (1.6.1-x86-mingw32)
      mini_portile (~> 0.5.0)
    notiffany (0.0.6)
      nenv (~> 0.1)
      shellany (~> 0.0)
    parser (2.1.4)
      ast (~> 1.1)
      slop (~> 3.4, >= 3.4.5)
    poltergeist (1.5.0)
      capybara (~> 2.1)
      cliver (~> 0.3.1)
      multi_json (~> 1.0)
      websocket-driver (>= 0.2.0)
    polyglot (0.3.4)
    powerpack (0.0.9)
    pry (0.10.1)
      coderay (~> 1.1.0)
      method_source (~> 0.8.1)
      slop (~> 3.4)
    rack (1.5.2)
    rack-test (0.6.2)
      rack (>= 1.0)
    rails (4.0.3)
      actionmailer (= 4.0.3)
      actionpack (= 4.0.3)
      activerecord (= 4.0.3)
      activesupport (= 4.0.3)
      bundler (>= 1.3.0, < 2.0)
      railties (= 4.0.3)
      sprockets-rails (~> 2.0.0)
    rails_12factor (0.0.2)
      rails_serve_static_assets
      rails_stdout_logging
    rails_serve_static_assets (0.0.2)
    rails_stdout_logging (0.0.3)
    railties (4.0.3)
      actionpack (= 4.0.3)
      activesupport (= 4.0.3)
      rake (>= 0.8.7)
      thor (>= 0.18.1, < 2.0)
    rainbow (1.99.1)
    raindrops (0.12.0)
    rake (10.1.1)
    rb-fsevent (0.9.4)
    rb-inotify (0.9.5)
      ffi (>= 0.5.0)
    rdoc (4.1.1)
      json (~> 1.4)
    rest-client (1.7.2)
      mime-types (>= 1.16, < 3.0)
      netrc (~> 0.7)
    rsdl (0.1.4)
    rspec (2.14.1)
      rspec-core (~> 2.14.0)
      rspec-expectations (~> 2.14.0)
      rspec-mocks (~> 2.14.0)
    rspec-core (2.14.8)
    rspec-expectations (2.14.5)
      diff-lcs (>= 1.1.3, < 2.0)
    rspec-mocks (2.14.6)
    rspec-rails (2.14.1)
      actionpack (>= 3.0)
      activemodel (>= 3.0)
      activesupport (>= 3.0)
      railties (>= 3.0)
      rspec-core (~> 2.14.0)
      rspec-expectations (~> 2.14.0)
      rspec-mocks (~> 2.14.0)
    rubocop (0.16.0)
      parser (~> 2.1)
      powerpack (~> 0.0.6)
      rainbow (>= 1.1.4)
    rubysdl (2.1.3.1)
    rubyserial (0.2.2)
      ffi (~> 1.9.3)
    rubyzip (1.1.0)
    sass (3.2.13)
    sass-rails (4.0.1)
      railties (>= 4.0.0, < 5.0)
      sass (>= 3.1.10)
      sprockets-rails (~> 2.0.0)
    sdoc (0.4.0)
      json (~> 1.8)
      rdoc (~> 4.0, < 5.0)
    selenium-webdriver (2.39.0)
      childprocess (>= 0.2.5)
      multi_json (~> 1.0)
      rubyzip (~> 1.0)
      websocket (~> 1.0.4)
    settingslogic (2.0.9)
    shared-mime-info (0.2.5)
    shellany (0.0.1)
    shoulda-matchers (2.5.0)
      activesupport (>= 3.0.0)
    simplecov (0.9.1)
      docile (~> 1.1.0)
      multi_json (~> 1.0)
      simplecov-html (~> 0.8.0)
    simplecov-html (0.8.0)
    slop (3.6.0)
    smalrubot (0.0.6)
      rubyserial
    smalruby (0.1.11)
      activesupport
      dxruby_sdl (~> 0.0.14)
      mime-types (~> 1.6)
      smalrubot (~> 0.0.6)
    smalruby (0.1.11-x86-mingw32)
      activesupport
      dxruby (= 1.4.0)
      mime-types (~> 1.6)
      smalrubot (~> 0.0.6)
    spring (1.2.0)
    spring-commands-rspec (1.0.4)
      spring (>= 0.9.1)
    spring-commands-teaspoon (0.0.2)
      spring (>= 0.9.1)
    sprockets (2.10.1)
      hike (~> 1.2)
      multi_json (~> 1.0)
      rack (~> 1.0)
      tilt (~> 1.1, != 1.3.0)
    sprockets-rails (2.0.1)
      actionpack (>= 3.0)
      activesupport (>= 3.0)
      sprockets (~> 2.8)
    sqlite3 (1.3.8)
    sqlite3 (1.3.8-x86-mingw32)
    teaspoon (0.7.9)
      railties (>= 3.2.5, < 5)
    term-ansicolor (1.3.0)
      tins (~> 1.0)
    terminal-notifier-guard (1.6.4)
    thor (0.19.1)
    thread_safe (0.1.3)
      atomic
    tilt (1.4.1)
    timers (4.0.1)
      hitimes
    tins (1.3.3)
    treetop (1.4.15)
      polyglot
      polyglot (>= 0.3.1)
    turnip (1.2.4)
      gherkin (>= 2.5)
      rspec (>= 2.14.0, < 4.0)
    tzinfo (0.3.38)
    uglifier (2.4.0)
      execjs (>= 0.3.0)
      json (>= 1.8.0)
    unicorn (4.8.0)
      kgio (~> 2.6)
      rack
      raindrops (~> 0.7)
    websocket (1.0.7)
    websocket-driver (0.3.2)
    win32-process (0.7.4)
      ffi (>= 1.0.0)
    xpath (2.0.0)
      nokogiri (~> 1.3)

PLATFORMS
  ruby

DEPENDENCIES
  ace-rails-ap!
  acts-as-taggable-on (~> 3.4)
  backbone-on-rails
  capybara
  coffee-rails (~> 4.0.0)
  commands
  coveralls
  database_rewinder
  flatstrap-sass
  guard-livereload
  guard-rspec
  guard-rubocop
  haml-rails
  jbuilder (~> 2.0)
  jquery-fileupload-rails!
  jquery-rails
  jquery-ui-rails
  json_spec
  launchy
  mysql2
  nokogiri
  poltergeist
  rails (= 4.0.3)
  rails_12factor
  rspec-rails
  rubocop
  sass-rails (~> 4.0.0)
  sdoc
  selenium-webdriver
  settingslogic
  shared-mime-info
  shoulda-matchers
  smalruby (~> 0.1.11)
  spring
  spring-commands-rspec
  spring-commands-teaspoon
  sqlite3
  teaspoon
  terminal-notifier-guard
  turnip
  uglifier (>= 1.3.0)
  unicorn
